GIT
  remote: git@github.com:versioneye/versioneye-core.git
  revision: 7ea08f26c96a33421e2d1065f0abd977d19983e6
  tag: v6.3.1
  specs:
    versioneye-core (6.3.1)
      actionmailer (~> 3.2.17)
      aws-sdk (~> 1.0)
      bundler (= 1.7.3)
      bunny (~> 1.4.0)
      cocoapods-core (~> 0.34.0.rc2)
      dalli (~> 2.7.0)
      httparty (~> 0.13.1)
      json (~> 1.8.0)
      kgio (~> 2.9.0)
      log4r (~> 1.1.0)
      mongoid (~> 3.1.0)
      naturalsorter (~> 3.0.0)
      nokogiri (~> 1.6.0)
      oauth (~> 0.4.7)
      octokit (~> 3.3.0)
      pdfkit (~> 0.6.2)
      persistent_httparty (~> 0.1.0)
      semverly (~> 1.0.0)
      stripe (~> 1.14.0)
      tire (~> 0.6.2)
      will_paginate_mongoid (= 2.0.1)
      wkhtmltopdf-binary (~> 0.9.9.1)

PATH
  remote: vendor/gems
  specs:
    grape-swagger (0.6.0)
      grape (>= 0.2.0)
      kramdown

GEM
  remote: http://rubygems.org/
  specs:
    actionmailer (3.2.19)
      actionpack (= 3.2.19)
      mail (~> 2.5.4)
    actionpack (3.2.19)
      activemodel (= 3.2.19)
      activesupport (= 3.2.19)
      builder (~> 3.0.0)
      erubis (~> 2.7.0)
      journey (~> 1.0.4)
      rack (~> 1.4.5)
      rack-cache (~> 1.2)
      rack-test (~> 0.6.1)
      sprockets (~> 2.2.1)
    activemodel (3.2.19)
      activesupport (= 3.2.19)
      builder (~> 3.0.0)
    activerecord (3.2.19)
      activemodel (= 3.2.19)
      activesupport (= 3.2.19)
      arel (~> 3.0.2)
      tzinfo (~> 0.3.29)
    activeresource (3.2.19)
      activemodel (= 3.2.19)
      activesupport (= 3.2.19)
    activesupport (3.2.19)
      i18n (~> 0.6, >= 0.6.4)
      multi_json (~> 1.0)
    addressable (2.3.6)
    amq-protocol (1.9.2)
    ansi (1.4.3)
    arel (3.0.3)
    aws-sdk (1.55.0)
      aws-sdk-v1 (= 1.55.0)
    aws-sdk-v1 (1.55.0)
      json (~> 1.4)
      nokogiri (>= 1.4.4)
    axiom-types (0.1.1)
      descendants_tracker (~> 0.0.4)
      ice_nine (~> 0.11.0)
      thread_safe (~> 0.3, >= 0.3.1)
    builder (3.0.4)
    bunny (1.4.1)
      amq-protocol (>= 1.9.2)
    capistrano (3.2.1)
      i18n
      rake (>= 10.0.0)
      sshkit (~> 1.3)
    capistrano-bundler (1.1.3)
      capistrano (~> 3.1)
      sshkit (~> 1.2)
    capistrano-rails (1.1.2)
      capistrano (~> 3.1)
      capistrano-bundler (~> 1.1)
    capybara (2.4.3)
      mime-types (>= 1.16)
      nokogiri (>= 1.3.3)
      rack (>= 1.0.0)
      rack-test (>= 0.5.4)
      xpath (~> 2.0)
    capybara-firebug (2.1.0)
      capybara (>= 1.0, < 3.0)
      selenium-webdriver
    childprocess (0.5.5)
      ffi (~> 1.0, >= 1.0.11)
    cocoapods-core (0.34.2)
      activesupport (>= 3.2.15)
      fuzzy_match (~> 2.0.4)
      json_pure (~> 1.8)
      nap (~> 0.8.0)
    coercible (1.0.0)
      descendants_tracker (~> 0.0.1)
    coffee-rails (3.2.2)
      coffee-script (>= 2.2.0)
      railties (~> 3.2.0)
    coffee-script (2.3.0)
      coffee-script-source
      execjs
    coffee-script-source (1.8.0)
    colorize (0.7.3)
    crack (0.4.2)
      safe_yaml (~> 1.0.0)
    dalli (2.7.2)
    database_cleaner (1.3.0)
    descendants_tracker (0.0.4)
      thread_safe (~> 0.3, >= 0.3.1)
    diff-lcs (1.2.5)
    docile (1.1.5)
    equalizer (0.0.9)
    erubis (2.7.0)
    execjs (2.2.1)
    factory_girl (4.4.0)
      activesupport (>= 3.0.0)
    factory_girl_rails (4.4.1)
      factory_girl (~> 4.4.0)
      railties (>= 3.0.0)
    fakes3 (0.1.5.2)
      builder
      thor
    fakeweb (1.3.0)
    faraday (0.9.0)
      multipart-post (>= 1.2, < 3)
    ffi (1.9.5)
    fuzzy_match (2.0.4)
    gene_pool (1.4.1)
      thread_safe
    grape (0.7.0)
      activesupport
      builder
      hashie (>= 1.2.0)
      multi_json (>= 1.3.2)
      multi_xml (>= 0.5.2)
      rack (>= 1.3.0)
      rack-accept
      rack-mount
      virtus (>= 1.0.0)
    grape-entity (0.3.0)
      activesupport
      multi_json (>= 1.3.2)
    hashie (3.3.1)
    hashr (0.0.22)
    hike (1.2.3)
    htmlentities (4.3.2)
    httparty (0.13.1)
      json (~> 1.8)
      multi_xml (>= 0.5.2)
    i18n (0.6.11)
    ice_nine (0.11.0)
    journey (1.0.4)
    json (1.8.1)
    json_pure (1.8.1)
    kgio (2.9.2)
    kramdown (1.4.2)
    libv8 (3.16.14.7)
    log4r (1.1.10)
    mail (2.5.4)
      mime-types (~> 1.16)
      treetop (~> 1.4.8)
    mime-types (1.25.1)
    mini_portile (0.6.0)
    minitest (4.7.5)
    mongoid (3.1.6)
      activemodel (~> 3.2)
      moped (~> 1.4)
      origin (~> 1.0)
      tzinfo (~> 0.3.29)
    moped (1.5.2)
    multi_json (1.10.1)
    multi_xml (0.5.5)
    multipart-post (2.0.0)
    nap (0.8.0)
    naturalsorter (3.0.0)
    net-scp (1.2.1)
      net-ssh (>= 2.6.5)
    net-ssh (2.9.1)
    netrc (0.7.8)
    nokogiri (1.6.3.1)
      mini_portile (= 0.6.0)
    oauth (0.4.7)
    octokit (3.3.1)
      sawyer (~> 0.5.3)
    origin (1.1.0)
    pdfkit (0.6.2)
    persistent_http (1.0.6)
      gene_pool (>= 1.3)
    persistent_httparty (0.1.2)
      httparty (~> 0.9)
      persistent_http (< 2)
    polyglot (0.3.5)
    psych (2.0.6)
    puma (2.9.1)
      rack (>= 1.1, < 2.0)
    rack (1.4.5)
    rack-accept (0.4.5)
      rack (>= 0.4)
    rack-cache (1.2)
      rack (>= 0.4)
    rack-mount (0.8.3)
      rack (>= 1.0.0)
    rack-ssl (1.3.4)
      rack
    rack-test (0.6.2)
      rack (>= 1.0)
    rails (3.2.19)
      actionmailer (= 3.2.19)
      actionpack (= 3.2.19)
      activerecord (= 3.2.19)
      activeresource (= 3.2.19)
      activesupport (= 3.2.19)
      bundler (~> 1.0)
      railties (= 3.2.19)
    railties (3.2.19)
      actionpack (= 3.2.19)
      activesupport (= 3.2.19)
      rack-ssl (~> 1.3.2)
      rake (>= 0.8.7)
      rdoc (~> 3.4)
      thor (>= 0.14.6, < 2.0)
    rake (10.3.2)
    rdoc (3.12.2)
      json (~> 1.4)
    ref (1.0.5)
    rest-client (1.7.2)
      mime-types (>= 1.16, < 3.0)
      netrc (~> 0.7)
    rspec (3.1.0)
      rspec-core (~> 3.1.0)
      rspec-expectations (~> 3.1.0)
      rspec-mocks (~> 3.1.0)
    rspec-core (3.1.5)
      rspec-support (~> 3.1.0)
    rspec-expectations (3.1.2)
      diff-lcs (>= 1.2.0, < 2.0)
      rspec-support (~> 3.1.0)
    rspec-mocks (3.1.2)
      rspec-support (~> 3.1.0)
    rspec-rails (3.1.0)
      actionpack (>= 3.0)
      activesupport (>= 3.0)
      railties (>= 3.0)
      rspec-core (~> 3.1.0)
      rspec-expectations (~> 3.1.0)
      rspec-mocks (~> 3.1.0)
      rspec-support (~> 3.1.0)
    rspec-support (3.1.1)
    ruby_regex (0.1.1)
      rake
    rubyzip (1.1.6)
    safe_yaml (1.0.4)
    sass (3.4.5)
    sass-rails (3.2.6)
      railties (~> 3.2.0)
      sass (>= 3.1.10)
      tilt (~> 1.3)
    sawyer (0.5.5)
      addressable (~> 2.3.5)
      faraday (~> 0.8, < 0.10)
    selenium-webdriver (2.43.0)
      childprocess (~> 0.5)
      multi_json (~> 1.0)
      rubyzip (~> 1.0)
      websocket (~> 1.0)
    semverly (1.0.0)
    simplecov (0.9.1)
      docile (~> 1.1.0)
      multi_json (~> 1.0)
      simplecov-html (~> 0.8.0)
    simplecov-html (0.8.0)
    sprockets (2.2.2)
      hike (~> 1.2)
      multi_json (~> 1.0)
      rack (~> 1.0)
      tilt (~> 1.1, != 1.3.0)
    sshkit (1.5.1)
      colorize
      net-scp (>= 1.1.2)
      net-ssh (>= 2.8.0)
    stripe (1.14.0)
      json (~> 1.8.1)
      mime-types (~> 1.25)
      rest-client (~> 1.4)
    terminal-notifier (1.6.1)
    therubyracer (0.12.1)
      libv8 (~> 3.16.14.0)
      ref
    thor (0.19.1)
    thread_safe (0.3.4)
    tilt (1.4.1)
    tire (0.6.2)
      activemodel (>= 3.0)
      activesupport
      ansi
      hashr (~> 0.0.19)
      multi_json (~> 1.3)
      rake
      rest-client (~> 1.6)
    treetop (1.4.15)
      polyglot
      polyglot (>= 0.3.1)
    turbo-sprockets-rails3 (0.3.14)
      railties (> 3.2.8, < 4.0.0)
      sprockets (>= 2.2.0)
    turn (0.9.7)
      ansi
      minitest (~> 4)
    tzinfo (0.3.41)
    uglifier (2.5.3)
      execjs (>= 0.3.0)
      json (>= 1.8.0)
    vcr (2.9.3)
    virtus (1.0.3)
      axiom-types (~> 0.1)
      coercible (~> 1.0)
      descendants_tracker (~> 0.0, >= 0.0.3)
      equalizer (~> 0.0, >= 0.0.9)
    webmock (1.19.0)
      addressable (>= 2.3.6)
      crack (>= 0.3.2)
    websocket (1.2.1)
    will_paginate (3.0.7)
    will_paginate_mongoid (2.0.1)
      mongoid
      will_paginate (~> 3.0)
    wkhtmltopdf-binary (0.9.9.3)
    xpath (2.0.0)
      nokogiri (~> 1.3)
    yui-compressor (0.12.0)

PLATFORMS
  ruby

DEPENDENCIES
  bundler (= 1.7.3)
  capistrano (= 3.2.1)
  capistrano-bundler (= 1.1.3)
  capistrano-rails (= 1.1.2)
  capybara (~> 2.4.1)
  capybara-firebug (~> 2.1.0)
  coffee-rails (~> 3.2.0)
  database_cleaner (~> 1.3.0)
  factory_girl (~> 4.4.0)
  factory_girl_rails (~> 4.4.0)
  fakes3 (= 0.1.5.2)
  fakeweb (~> 1.3.0)
  grape (~> 0.7.0)
  grape-entity (~> 0.3.0)
  grape-swagger!
  htmlentities (~> 4.3.2)
  psych (~> 2.0.5)
  puma (~> 2.9.1)
  rails (~> 3.2.19)
  rspec (~> 3.1)
  rspec-mocks (~> 3.1)
  rspec-rails (~> 3.1)
  ruby_regex (~> 0.1.0)
  sass
  sass-rails (~> 3.2.6)
  simplecov (~> 0.9.0)
  terminal-notifier (~> 1.6.0)
  therubyracer (~> 0.12.0)
  turbo-sprockets-rails3 (~> 0.3.0)
  turn
  uglifier (~> 2.5.1)
  vcr (~> 2.9.2)
  versioneye-core!
  webmock (~> 1.19.0)
  will_paginate_mongoid (= 2.0.1)
  yui-compressor (~> 0.12.0)
