GIT
  remote: https://github.com/versioneye/versioneye-core.git
  revision: d4c690225309354055a4d579ac62012eab877e6a
  tag: v10.1.4
  specs:
    versioneye-core (10.1.4)
      actionmailer (~> 4.2.7)
      aws-sdk (~> 2.6.2)
      bundler (~> 1.13.0)
      bunny (~> 2.5.1)
      cocoapods-core (~> 0.39.0)
      dalli (~> 2.7.6)
      etcd (~> 0.3.0)
      gemnasium-parser (~> 0.1.9)
      httparty (~> 0.14.0)
      mongoid (~> 5.1.4)
      naturalsorter (~> 3.0.14)
      net-ldap (~> 0.15.0)
      nokogiri (~> 1.6.8)
      oauth (~> 0.5.0)
      octokit (~> 4.3.0)
      pdfkit (~> 0.8.2)
      persistent_httparty (~> 0.1.0)
      semverly (~> 1.0.0)
      stripe (~> 1.55.0)
      tire (~> 0.6.2)
      will_paginate_mongoid (= 2.0.1)
      wkhtmltopdf-binary (~> 0.12.3)

PATH
  remote: vendor/gems
  specs:
    grape-swagger (0.6.0)
      grape (>= 0.2.0)
      kramdown

GEM
  remote: http://rubygems.org/
  remote: https://rails-assets.org/
  specs:
    actionmailer (4.2.7)
      actionpack (= 4.2.7)
      actionview (= 4.2.7)
      activejob (= 4.2.7)
      mail (~> 2.5, >= 2.5.4)
      rails-dom-testing (~> 1.0, >= 1.0.5)
    actionpack (4.2.7)
      actionview (= 4.2.7)
      activesupport (= 4.2.7)
      rack (~> 1.6)
      rack-test (~> 0.6.2)
      rails-dom-testing (~> 1.0, >= 1.0.5)
      rails-html-sanitizer (~> 1.0, >= 1.0.2)
    actionview (4.2.7)
      activesupport (= 4.2.7)
      builder (~> 3.1)
      erubis (~> 2.7.0)
      rails-dom-testing (~> 1.0, >= 1.0.5)
      rails-html-sanitizer (~> 1.0, >= 1.0.2)
    activejob (4.2.7)
      activesupport (= 4.2.7)
      globalid (>= 0.3.0)
    activemodel (4.2.7)
      activesupport (= 4.2.7)
      builder (~> 3.1)
    activerecord (4.2.7)
      activemodel (= 4.2.7)
      activesupport (= 4.2.7)
      arel (~> 6.0)
    activesupport (4.2.7)
      i18n (~> 0.7)
      json (~> 1.7, >= 1.7.7)
      minitest (~> 5.1)
      thread_safe (~> 0.3, >= 0.3.4)
      tzinfo (~> 1.1)
    addressable (2.4.0)
    amq-protocol (2.0.1)
    ansi (1.5.0)
    arel (6.0.3)
    aws-sdk (2.6.5)
      aws-sdk-resources (= 2.6.5)
    aws-sdk-core (2.6.5)
      jmespath (~> 1.0)
    aws-sdk-resources (2.6.5)
      aws-sdk-core (= 2.6.5)
    axiom-types (0.1.1)
      descendants_tracker (~> 0.0.4)
      ice_nine (~> 0.11.0)
      thread_safe (~> 0.3, >= 0.3.1)
    bson (4.1.1)
    builder (3.2.2)
    bunny (2.5.1)
      amq-protocol (>= 2.0.1)
    capybara (2.7.1)
      addressable
      mime-types (>= 1.16)
      nokogiri (>= 1.3.3)
      rack (>= 1.0.0)
      rack-test (>= 0.5.4)
      xpath (~> 2.0)
    capybara-firebug (2.1.0)
      capybara (>= 1.0, < 3.0)
      selenium-webdriver
    childprocess (0.5.9)
      ffi (~> 1.0, >= 1.0.11)
    cocoapods-core (0.39.0)
      activesupport (>= 4.0.2)
      fuzzy_match (~> 2.0.4)
      nap (~> 1.0)
    coercible (1.0.0)
      descendants_tracker (~> 0.0.1)
    coffee-rails (4.2.1)
      coffee-script (>= 2.2.0)
      railties (>= 4.0.0, < 5.2.x)
    coffee-script (2.4.1)
      coffee-script-source
      execjs
    coffee-script-source (1.10.0)
    concurrent-ruby (1.0.2)
    crack (0.4.3)
      safe_yaml (~> 1.0.0)
    dalli (2.7.6)
    database_cleaner (1.5.3)
    descendants_tracker (0.0.4)
      thread_safe (~> 0.3, >= 0.3.1)
    diff-lcs (1.2.5)
    docile (1.1.5)
    domain_name (0.5.20160826)
      unf (>= 0.0.5, < 1.0.0)
    equalizer (0.0.11)
    erubis (2.7.0)
    etcd (0.3.0)
      mixlib-log
    execjs (2.7.0)
    factory_girl (4.7.0)
      activesupport (>= 3.0.0)
    factory_girl_rails (4.7.0)
      factory_girl (~> 4.7.0)
      railties (>= 3.0.0)
    fakes3 (0.2.4)
      builder
      thor
    faraday (0.9.2)
      multipart-post (>= 1.2, < 3)
    ffi (1.9.14)
    font-awesome-sass (4.6.2)
      sass (>= 3.2)
    fuzzy_match (2.0.4)
    gemnasium-parser (0.1.9)
    gene_pool (1.4.1)
      thread_safe
    globalid (0.3.7)
      activesupport (>= 4.1.0)
    grape (0.7.0)
      activesupport
      builder
      hashie (>= 1.2.0)
      multi_json (>= 1.3.2)
      multi_xml (>= 0.5.2)
      rack (>= 1.3.0)
      rack-accept
      rack-mount
      virtus (>= 1.0.0)
    grape-entity (0.3.0)
      activesupport
      multi_json (>= 1.3.2)
    hashdiff (0.3.0)
    hashie (3.4.6)
    hashr (0.0.22)
    htmlentities (4.3.4)
    http-cookie (1.0.3)
      domain_name (~> 0.5)
    httparty (0.14.0)
      multi_xml (>= 0.5.2)
    i18n (0.7.0)
    ice_nine (0.11.2)
    jmespath (1.3.1)
    json (1.8.3)
    kramdown (1.12.0)
    libv8 (3.16.14.15)
    loofah (2.0.3)
      nokogiri (>= 1.5.9)
    mail (2.6.4)
      mime-types (>= 1.16, < 4)
    mime-types (2.99.3)
    mini_portile2 (2.1.0)
    minitest (5.9.1)
    mixlib-log (1.7.1)
    mongo (2.3.0)
      bson (~> 4.1)
    mongoid (5.1.4)
      activemodel (~> 4.0)
      mongo (~> 2.1)
      origin (~> 2.2)
      tzinfo (>= 0.3.37)
    multi_json (1.12.1)
    multi_xml (0.5.5)
    multipart-post (2.0.0)
    nap (1.1.0)
    naturalsorter (3.0.14)
    net-ldap (0.15.0)
    netrc (0.11.0)
    nokogiri (1.6.8)
      mini_portile2 (~> 2.1.0)
      pkg-config (~> 1.1.7)
    oauth (0.5.1)
    octokit (4.3.0)
      sawyer (~> 0.7.0, >= 0.5.3)
    origin (2.2.0)
    pdfkit (0.8.2)
    persistent_http (1.0.6)
      gene_pool (>= 1.3)
    persistent_httparty (0.1.2)
      httparty (~> 0.9)
      persistent_http (< 2)
    pkg-config (1.1.7)
    psych (2.1.1)
    puma (3.6.0)
    rack (1.6.4)
    rack-accept (0.4.5)
      rack (>= 0.4)
    rack-mount (0.8.3)
      rack (>= 1.0.0)
    rack-test (0.6.3)
      rack (>= 1.0)
    rails (4.2.7)
      actionmailer (= 4.2.7)
      actionpack (= 4.2.7)
      actionview (= 4.2.7)
      activejob (= 4.2.7)
      activemodel (= 4.2.7)
      activerecord (= 4.2.7)
      activesupport (= 4.2.7)
      bundler (>= 1.3.0, < 2.0)
      railties (= 4.2.7)
      sprockets-rails
    rails-assets-bootstrap (3.3.7)
      rails-assets-jquery (>= 1.9.1, < 4)
    rails-assets-jquery (3.1.1)
    rails-deprecated_sanitizer (1.0.3)
      activesupport (>= 4.2.0.alpha)
    rails-dom-testing (1.0.7)
      activesupport (>= 4.2.0.beta, < 5.0)
      nokogiri (~> 1.6.0)
      rails-deprecated_sanitizer (>= 1.0.1)
    rails-html-sanitizer (1.0.3)
      loofah (~> 2.0)
    railties (4.2.7)
      actionpack (= 4.2.7)
      activesupport (= 4.2.7)
      rake (>= 0.8.7)
      thor (>= 0.18.1, < 2.0)
    rake (11.3.0)
    ref (2.0.0)
    rest-client (1.8.0)
      http-cookie (>= 1.0.2, < 2.0)
      mime-types (>= 1.16, < 3.0)
      netrc (~> 0.7)
    rspec (3.5.0)
      rspec-core (~> 3.5.0)
      rspec-expectations (~> 3.5.0)
      rspec-mocks (~> 3.5.0)
    rspec-core (3.5.4)
      rspec-support (~> 3.5.0)
    rspec-expectations (3.5.0)
      diff-lcs (>= 1.2.0, < 2.0)
      rspec-support (~> 3.5.0)
    rspec-mocks (3.5.0)
      diff-lcs (>= 1.2.0, < 2.0)
      rspec-support (~> 3.5.0)
    rspec-rails (3.5.2)
      actionpack (>= 3.0)
      activesupport (>= 3.0)
      railties (>= 3.0)
      rspec-core (~> 3.5.0)
      rspec-expectations (~> 3.5.0)
      rspec-mocks (~> 3.5.0)
      rspec-support (~> 3.5.0)
    rspec-support (3.5.0)
    rspec_junit_formatter (0.2.3)
      builder (< 4)
      rspec-core (>= 2, < 4, != 2.12.0)
    ruby_regex (0.1.1)
      rake
    rubyzip (1.2.0)
    safe_yaml (1.0.4)
    sass (3.4.22)
    sass-rails (5.0.6)
      railties (>= 4.0.0, < 6)
      sass (~> 3.1)
      sprockets (>= 2.8, < 4.0)
      sprockets-rails (>= 2.0, < 4.0)
      tilt (>= 1.1, < 3)
    sawyer (0.7.0)
      addressable (>= 2.3.5, < 2.5)
      faraday (~> 0.8, < 0.10)
    selenium-webdriver (2.53.4)
      childprocess (~> 0.5)
      rubyzip (~> 1.0)
      websocket (~> 1.0)
    semverly (1.0.0)
    simplecov (0.12.0)
      docile (~> 1.1.0)
      json (>= 1.8, < 3)
      simplecov-html (~> 0.10.0)
    simplecov-html (0.10.0)
    sprockets (3.7.0)
      concurrent-ruby (~> 1.0)
      rack (> 1, < 3)
    sprockets-rails (3.2.0)
      actionpack (>= 4.0)
      activesupport (>= 4.0)
      sprockets (>= 3.0.0)
    stripe (1.55.0)
      rest-client (>= 1.4, < 4.0)
    terminal-notifier (1.6.3)
    therubyracer (0.12.2)
      libv8 (~> 3.16.14.0)
      ref
    thor (0.19.1)
    thread_safe (0.3.5)
    tilt (2.0.5)
    tire (0.6.2)
      activemodel (>= 3.0)
      activesupport
      ansi
      hashr (~> 0.0.19)
      multi_json (~> 1.3)
      rake
      rest-client (~> 1.6)
    turn (0.9.6)
      ansi
    tzinfo (1.2.2)
      thread_safe (~> 0.1)
    tzinfo-data (1.2016.7)
      tzinfo (>= 1.0.0)
    uglifier (3.0.2)
      execjs (>= 0.3.0, < 3)
    unf (0.1.4)
      unf_ext
    unf_ext (0.0.7.2)
    vcr (3.0.3)
    virtus (1.0.5)
      axiom-types (~> 0.1)
      coercible (~> 1.0)
      descendants_tracker (~> 0.0, >= 0.0.3)
      equalizer (~> 0.0, >= 0.0.9)
    webmock (2.1.0)
      addressable (>= 2.3.6)
      crack (>= 0.3.2)
      hashdiff
    websocket (1.2.3)
    will_paginate (3.1.3)
    will_paginate_mongoid (2.0.1)
      mongoid
      will_paginate (~> 3.0)
    wkhtmltopdf-binary (0.12.3)
    xpath (2.0.0)
      nokogiri (~> 1.3)

PLATFORMS
  ruby

DEPENDENCIES
  capybara (~> 2.7.0)
  capybara-firebug (~> 2.1.0)
  coffee-rails (~> 4.2.0)
  database_cleaner (~> 1.5.1)
  execjs (~> 2.7.0)
  factory_girl (~> 4.7.0)
  factory_girl_rails (~> 4.7.0)
  fakes3 (~> 0.2.0)
  font-awesome-sass (~> 4.6.2)
  grape (~> 0.7.0)
  grape-entity (= 0.3.0)
  grape-swagger!
  htmlentities (~> 4.3.2)
  psych (~> 2.1.0)
  puma (~> 3.6.0)
  rails (= 4.2.7)
  rails-assets-bootstrap (= 3.3.7)!
  rspec (~> 3.2)
  rspec-mocks (~> 3.2)
  rspec-rails (~> 3.2)
  rspec_junit_formatter (= 0.2.3)
  ruby_regex (~> 0.1.0)
  sass
  sass-rails (~> 5.0.3)
  simplecov (~> 0.12.0)
  terminal-notifier (~> 1.6.0)
  therubyracer (~> 0.12.0)
  turn
  tzinfo-data
  uglifier (~> 3.0.0)
  vcr (~> 3.0.1)
  versioneye-core!
  webmock (~> 2.1.0)
  will_paginate_mongoid (= 2.0.1)

BUNDLED WITH
   1.13.0
